GEM
  remote: https://rubygems.org/
  specs:
    csv (3.3.5)

PLATFORMS
  arm64-darwin-20
  ruby

DEPENDENCIES
  csv

BUNDLED WITH
   2.7.2
